FRAMEWORK: >= NET45
NUGET
  remote: https://www.nuget.org/api/v2
    FAKE (4.37.2)
    FSharp.Core (4.0.0.1)
    Node.js (5.3)
    Npm.js (2.13.1)
      Node.js (>= 0.12.7)
GITHUB
  remote: Ionide/ionide-vscode-helpers
    Fable.Import.Axios.fs (318127fa718355e06b4b1c34d15d1bcaf61279bf)
    Fable.Import.VSCode.fs (318127fa718355e06b4b1c34d15d1bcaf61279bf)
    Helpers.fs (318127fa718355e06b4b1c34d15d1bcaf61279bf)